PATH
  remote: .
  specs:
    acpc_dealer (0.0.1)
      rake-compiler

GEM
  remote: https://rubygems.org/
  specs:
    activesupport (2.3.14)
    arrayfields (4.7.4)
    chronic (0.6.7)
    diff-lcs (1.1.3)
    fattr (2.2.1)
    log4r (1.1.10)
    main (5.0.1)
      arrayfields (>= 4.7.4)
      chronic (>= 0.6.2)
      fattr (>= 2.2.0)
      map (>= 5.1.0)
    map (6.1.0)
    metaclass (0.0.1)
    mocha (0.11.4)
      metaclass (~> 0.0.1)
    piston (2.0.10)
      activesupport (>= 2.0.0, < 3.0.0)
      log4r (>= 1.0.5)
      main (>= 2.8.3)
    rake (0.9.2.2)
    rake-compiler (0.8.1)
      rake
    rspec (2.10.0)
      rspec-core (~> 2.10.0)
      rspec-expectations (~> 2.10.0)
      rspec-mocks (~> 2.10.0)
    rspec-core (2.10.1)
    rspec-expectations (2.10.0)
      diff-lcs (~> 1.1.3)
    rspec-mocks (2.10.1)

PLATFORMS
  ruby

DEPENDENCIES
  acpc_dealer!
  mocha
  piston
  rspec
